GEM
  remote: https://rubygems.org/
  specs:
    ast (2.4.0)
    chatwork (0.12.1)
      faraday (~> 0.9)
      faraday_middleware
      hashie
    chatwork_webhook_verify (0.1.0)
    faraday (0.17.0)
      multipart-post (>= 1.2, < 3)
    faraday_middleware (0.13.1)
      faraday (>= 0.7.4, < 1.0)
    hashie (3.6.0)
    jaro_winkler (1.5.3)
    mini_portile2 (2.4.0)
    multipart-post (2.1.1)
    nokogiri (1.10.8)
      mini_portile2 (~> 2.4.0)
    parallel (1.18.0)
    parser (2.6.5.0)
      ast (~> 2.4.0)
    rainbow (3.0.0)
    rubocop (0.75.1)
      jaro_winkler (~> 1.5.1)
      parallel (~> 1.10)
      parser (>= 2.6)
      rainbow (>= 2.2.2, < 4.0)
      ruby-progressbar (~> 1.7)
      unicode-display_width (>= 1.4.0, < 1.7)
    ruby-progressbar (1.10.1)
    unicode-display_width (1.6.0)

PLATFORMS
  ruby

DEPENDENCIES
  chatwork
  chatwork_webhook_verify
  faraday
  nokogiri
  rubocop

BUNDLED WITH
   1.17.2
