GEM
  remote: https://rubygems.org/
  specs:
    chatwork_webhook_verify (0.1.0)
    faraday (0.15.4)
      multipart-post (>= 1.2, < 3)
    mini_portile2 (2.4.0)
    multipart-post (2.1.1)
    nokogiri (1.10.4)
      mini_portile2 (~> 2.4.0)

PLATFORMS
  ruby

DEPENDENCIES
  chatwork_webhook_verify
  faraday
  nokogiri

BUNDLED WITH
   1.17.2
