GEM
  remote: https://rubygems.org/
  specs:
    ast (2.4.0)
    chatwork (0.12.2)
      faraday (>= 0.9)
      faraday_middleware
      hashie
    chatwork_webhook_verify (0.1.0)
    childprocess (3.0.0)
    coderay (1.1.3)
    faraday (0.17.3)
      multipart-post (>= 1.2, < 3)
    faraday_middleware (0.14.0)
      faraday (>= 0.7.4, < 1.0)
    hashie (4.1.0)
    method_source (1.0.0)
    multipart-post (2.1.1)
    parallel (1.19.1)
    parser (2.7.1.3)
      ast (~> 2.4.0)
    pry (0.13.1)
      coderay (~> 1.1)
      method_source (~> 1.0)
    rainbow (3.0.0)
    regexp_parser (1.7.0)
    rexml (3.2.4)
    rubocop (0.85.0)
      parallel (~> 1.10)
      parser (>= 2.7.0.1)
      rainbow (>= 2.2.2, < 4.0)
      regexp_parser (>= 1.7)
      rexml
      rubocop-ast (>= 0.0.3)
      ruby-progressbar (~> 1.7)
      unicode-display_width (>= 1.4.0, < 2.0)
    rubocop-ast (0.0.3)
      parser (>= 2.7.0.1)
    ruby-progressbar (1.10.1)
    rubyzip (2.3.0)
    selenium-webdriver (3.142.7)
      childprocess (>= 0.5, < 4.0)
      rubyzip (>= 1.2.2)
    unicode-display_width (1.7.0)

PLATFORMS
  ruby

DEPENDENCIES
  chatwork
  chatwork_webhook_verify
  faraday
  pry
  rubocop
  selenium-webdriver

BUNDLED WITH
   1.17.2
